GEM
  remote: https://rubygems.org/
  specs:
    mimemagic (0.2.1)
    mini_portile (0.6.2)
    minitest (5.4.3)
    nokogiri (1.6.6.2)
      mini_portile (~> 0.6.0)

PLATFORMS
  ruby

DEPENDENCIES
  mimemagic
  minitest (~> 5.4.2)
  nokogiri
